GEM
  remote: https://rubygems.org/
  specs:
    kiba (3.0.0)
    rake (12.3.3)

PLATFORMS
  ruby

DEPENDENCIES
  kiba
  rake (~> 12.3)

BUNDLED WITH
   2.1.4
